GEM
  remote: https://rubygems.org/
  specs:
    alfred-workflow (1.11.1)
      plist (>= 3.1.0)
    excon (0.26.0)
    json (1.8.0)
    plist (3.1.0)

PLATFORMS
  ruby

DEPENDENCIES
  alfred-workflow
  excon
  json
